PATH
  remote: .
  specs:
    xtPatch (0.0.1)

GEM
  remote: https://rubygems.org/
  specs:
    citrus (3.0.2)
    coderay (1.1.3)
    diff-lcs (1.4.4)
    method_source (0.8.2)
    pry (0.10.4)
      coderay (~> 1.1.0)
      method_source (~> 0.8.1)
      slop (~> 3.4)
    rake (12.3.3)
    rspec (3.10.0)
      rspec-core (~> 3.10.0)
      rspec-expectations (~> 3.10.0)
      rspec-mocks (~> 3.10.0)
    rspec-core (3.10.1)
      rspec-support (~> 3.10.0)
    rspec-expectations (3.10.1)
      diff-lcs (>= 1.2.0, < 2.0)
      rspec-support (~> 3.10.0)
    rspec-mocks (3.10.2)
      diff-lcs (>= 1.2.0, < 2.0)
      rspec-support (~> 3.10.0)
    rspec-support (3.10.2)
    slop (3.6.0)
    toml-rb (0.3.15)
      citrus (~> 3.0, > 3.0)

PLATFORMS
  x86_64-linux

DEPENDENCIES
  pry (~> 0.10.4)
  rake (~> 12.0)
  rspec (~> 3.0)
  toml-rb (~> 0.3.12)
  xtPatch!

BUNDLED WITH
   2.2.17
